GIT
  remote: https://github.com/piotrmurach/tty-prompt
  revision: fa0fa59c8d9a0289e2d3fd7442fc7ac4b1c1c06a
  specs:
    tty-prompt (0.22.0)
      pastel (~> 0.8)
      tty-reader (~> 0.8)

GEM
  remote: https://rubygems.org/
  specs:
    byebug (11.1.3)
    colsole (0.7.2)
    diff-lcs (1.4.4)
    diffy (3.3.0)
    pastel (0.8.0)
      tty-color (~> 0.5)
    rspec (3.9.0)
      rspec-core (~> 3.9.0)
      rspec-expectations (~> 3.9.0)
      rspec-mocks (~> 3.9.0)
    rspec-core (3.9.2)
      rspec-support (~> 3.9.3)
    rspec-expectations (3.9.2)
      diff-lcs (>= 1.2.0, < 2.0)
      rspec-support (~> 3.9.0)
    rspec-mocks (3.9.1)
      diff-lcs (>= 1.2.0, < 2.0)
      rspec-support (~> 3.9.0)
    rspec-support (3.9.3)
    rspec_approvals (0.8.0)
      colsole (~> 0.5)
      diffy (~> 3.3)
      string-similarity (~> 2.0)
      strings-ansi (~> 0.1)
      tty-prompt (~> 0.19)
    string-similarity (2.1.0)
    strings-ansi (0.2.0)
    tty-color (0.5.1)
    tty-cursor (0.7.1)
    tty-reader (0.8.0)
      tty-cursor (~> 0.7)
      tty-screen (~> 0.8)
      wisper (~> 2.0)
    tty-screen (0.8.1)
    wisper (2.0.1)

PLATFORMS
  ruby

DEPENDENCIES
  byebug
  rspec
  rspec_approvals
  tty-prompt!

BUNDLED WITH
   2.1.4
